##TITLE= Parameter file, TopSpin 3.5 pl 7
##JCAMPDX= 5.0
##DATATYPE= Parameter Values
##NPOINTS= 2	$$ modification sequence number
##ORIGIN= Bruker BioSpin GmbH
##OWNER= nmrsu
$$ 2024-04-10 14:11:13.905 +0200  nmrsu@NMR800
$$ C:\Bruker\TopSpin3.5pl7\prog\curdir\changer\inmrchanger\Sep05-2023-1510-nmrsu\240\240.960\data\nmr/AA14_peptide/8/acqu2
$$ process C:\Bruker\TopSpin3.5pl7\prog\mod\edparproc.exe
##$ACQT0= 0
##$BF1= 81.066335874
##$FnMODE= 6
##$NUC1= <15N>
##$NusJSP= 0
##$NusT2= 1
##$NusTD= 0
##$O1= 9646.894
##$ProjAngle= 0
##$SFO1= 81.075982768
##$SW= 20
##$SW_h= 1621.51965536
##$TD= 80
##END=
