##TITLE= Parameter file, TopSpin 3.5 pl 7
##JCAMPDX= 5.0
##DATATYPE= Parameter Values
##NPOINTS= 45145	$$ modification sequence number
##ORIGIN= Bruker BioSpin GmbH
##OWNER= root
$$ 2024-04-09 16:47:00.985 +0200  nmrsu@NMR800
$$ C:/Bruker/TopSpin3.5pl7/conf/instr/spect/specpar
$$ process C:\Bruker\TopSpin3.5pl7\prog\mod\hconfserver.exe
##$ANCIEN= (0..7)
0 0 0 0 0 0 0 0
##$BF1= 100.13
##$BF2= 100.13
##$BF3= 100.13
##$DEC= 1
##$DECB= 1
##$DEF19F= yes
##$DEFRSEL= yes
##$HPMOD= (0..7)
0 0 0 0 0 0 0 0
##$HPPRECH= (0..15)
-1 -1 -1 -1 -1 -1 -1 -1 -1 -1 -1 -1 -1 -1 -1 -1
##$HPSELECT= no
##$LOCSW19F= -1
##$LOCSW2H= -1
##$NUC1= 1
##$NUC2= 10
##$NUC3= 12
##$NUC4= 0
##$NUC5= 0
##$NUC6= 0
##$NUC7= 0
##$NUC8= 0
##$NUCARR= (0..123)
800.03 800.03 122.809476063 853.343791192 609.458349831 117.733102826 310.922035139
112.418719544 85.952487097 256.681417192 201.167703506 57.793247166 81.066335874
108.455722937 752.780316203 63.156736289 211.62313557 48.974916491 208.462689058
158.943456156 323.858080223 61.4103028 78.386211373 65.248246718 37.332383912
20.491208392 53.842251009 194.341263524 45.10196326 45.113987711 79.765463093
210.431474884 45.221663749 198.321180765 25.903195333 189.823710122 71.491088815
212.131738642 227.238065108 50.056301041 192.018032406 243.982781011 27.907566495
136.986048784 152.577825454 41.743341317 200.439356194 216.060245955 30.78195428
77.242440483 261.773448136 34.671876147 39.203054059 74.373172889 195.816702851
52.137363078 53.231556109 180.073360498 36.842589545 41.292500411 25.492531934
36.61017283 32.383766346 37.22966006 169.730204644 177.552057953 174.932599727
175.307605789 261.759807625 285.068761678 298.33624319 191.451795173 103.677623765
209.365786923 252.407616931 160.065890246 222.489831056 65.953841176 104.933070843
79.478636337 88.906757878 105.55835829 113.009365692 244.969186 43.601635
26.881008 33.361251 27.521032 198.887458 87.843294 24.560921 32.241209
192.327212 27.521032 38.561446 170.726402 23.040864 66.322487 139.999697792
38.5694463 91.2354212 65.0504393 32.0572021 20.1367551 95.92039688 33.332345916
180.20355738 182.01962548 18.259332699 62.12552962 13.7445154 14.9685613
171.980721035 13.8325187 143.291949247 52.894647475 457.00273696 461.488009151
167.37106818 128.559124786 14.73175242 100 100 100
##$NUCOFFS= (0..127)
<1H> <13C> <15N> <2H> <> <> <> <> <> <> <> <> <> <> <> <> <> <> <> <> <>
<> <> <> <> <> <> <> <> <> <> <> <> <> <> <> <> <> <> <> <> <> <> <> <>
<> <> <> <> <> <> <> <> <> <> <> <> <> <> <> <> <> <> <> <> <> <> <> <>
<> <> <> <> <> <> <> <> <> <> <> <> <> <> <> <> <> <> <> <> <> <> <> <>
<> <> <> <> <> <> <> <> <> <> <> <> <> <> <> <> <> <> <> <> <> <> <> <>
<> <> <> <> <> <> <> <> <> <> <>
##$OBS= 1
##$OFFS= (0..127)
0 0 0 0 0 0 0 0 0 0 0 0 0 0 0 0 0 0 0 0 0 0 0 0 0 0 0 0 0 0 0 0 0 0 0 0
0 0 0 0 0 0 0 0 0 0 0 0 0 0 0 0 0 0 0 0 0 0 0 0 0 0 0 0 0 0 0 0 0 0 0 0
0 0 0 0 0 0 0 0 0 0 0 0 0 0 0 0 0 0 0 0 0 0 0 0 0 0 0 0 0 0 0 0 0 0 0 0
0 0 0 0 0 0 0 0 0 0 0 0 0 0 0 0 0 0 0 0
##$OFFSF= (0..7)
0 0 0 0 0 0 0 0
##$OFFSH= (0..7)
0 0 0 0 0 0 0 0
##$OFFSX= (0..7)
0 0 0 0 0 0 0 0
##$OFFSXAS= (0..7)
0 0 0 0 0 0 0 0
##$OFSF1= 0
##$OFSF2= 0
##$OFSH1= 0
##$OFSH2= 0
##$OFSH3= 0
##$OFSX1= 0
##$OFSX2= 0
##$OFSY= 0
##$PACOIL= (0..15)
0 0 0 0 0 0 0 0 0 0 0 0 0 0 0 0
##$PRECHAN= (0..15)
-1 4 0 1 5 -1 -1 -1 -1 -1 -1 -1 -1 -1 -1 -1
##$RECPRE= (0..15)
-1 0 -1 -1 -1 -1 -1 -1 -1 -1 -1 -1 -1 -1 -1 -1
##$RECPRFX= (0..15)
1 0 0 0 0 0 0 0 0 0 0 0 0 0 0 0
##$RECSEL= (0..15)
0 0 0 0 1 0 0 0 0 0 0 0 0 0 0 0
##$SELREC= (0..9)
0 0 0 0 0 0 0 0 0 0
##$SFO1= 800.033762
##$SFO2= 201.178567
##$SFO3= 81.075983
##$SFO4= 800.033762
##$SFO5= 800.033762
##$SFO6= 800.033762
##$SFO7= 800.033762
##$SFO8= 800.033762
##$TY= (0..123)
0 0 0 0 0 0 0 0 0 0 0 0 0 0 0 0 0 0 0 0 0 0 0 0 0 0 0 0 0 0 0 0 0 0 0 0
0 0 0 0 0 0 0 0 0 0 0 0 0 0 0 0 0 0 0 0 0 0 0 0 0 0 0 0 0 0 0 0 0 0 0 0
0 0 0 0 0 0 0 0 0 0 0 0 0 0 0 0 0 0 0 0 0 0 0 0 0 0 0 0 0 0 0 0 0 0 0 0
0 0 0 0 0 0 0 0 0 0 0 0 0 0 0 0
##END=
